GEM
  remote: https://rubygems.org/
  specs:
    dotenv (2.7.4)
    facebook-messenger (1.4.0)
      httparty (~> 0.13, >= 0.13.7)
      rack (>= 1.4.5)
    httparty (0.17.0)
      mime-types (~> 3.0)
      multi_xml (>= 0.5.2)
    mime-types (3.2.2)
      mime-types-data (~> 3.2015)
    mime-types-data (3.2019.0331)
    multi_xml (0.6.0)
    mustermann (3.0.0)
      ruby2_keywords (~> 0.0.1)
    nio4r (2.3.1)
    puma (4.0.0)
      nio4r (~> 2.0)
    rack (2.2.4)
    rack-protection (3.0.4)
      rack
    rubotnik (0.2.3)
      dotenv
      facebook-messenger
      httparty
      puma
      sinatra
      thor
    ruby2_keywords (0.0.5)
    sinatra (3.0.4)
      mustermann (~> 3.0)
      rack (~> 2.2, >= 2.2.4)
      rack-protection (= 3.0.4)
      tilt (~> 2.0)
    thor (0.20.3)
    tilt (2.0.11)

PLATFORMS
  ruby

DEPENDENCIES
  rubotnik

BUNDLED WITH
   2.0.2
